PATH
  remote: .
  specs:
    inline_encryption (0.0.4)
      hashie
      thor

GEM
  remote: https://rubygems.org/
  specs:
    diff-lcs (1.2.4)
    hashie (2.0.5)
    rake (10.1.0)
    rspec (2.13.0)
      rspec-core (~> 2.13.0)
      rspec-expectations (~> 2.13.0)
      rspec-mocks (~> 2.13.0)
    rspec-core (2.13.1)
    rspec-expectations (2.13.0)
      diff-lcs (>= 1.1.3, < 2.0)
    rspec-mocks (2.13.1)
    thor (0.18.1)
    yard (0.8.6.1)

PLATFORMS
  ruby

DEPENDENCIES
  bundler (~> 1.3)
  inline_encryption!
  rake
  rspec
  yard
